GEM
  remote: https://rubygems.org/
  specs:
    ast (2.4.0)
    concurrent-ruby (1.1.5)
    httparty (0.17.1)
      mime-types (~> 3.0)
      multi_xml (>= 0.5.2)
    i18n (1.6.0)
      concurrent-ruby (~> 1.0)
    jaro_winkler (1.5.3)
    mime-types (3.3)
      mime-types-data (~> 3.2015)
    mime-types-data (3.2019.0904)
    money (6.13.4)
      i18n (>= 0.6.4, <= 2)
    multi_xml (0.6.0)
    parallel (1.17.0)
    parser (2.6.4.1)
      ast (~> 2.4.0)
    rainbow (3.0.0)
    rubocop (0.74.0)
      jaro_winkler (~> 1.5.1)
      parallel (~> 1.10)
      parser (>= 2.6)
      rainbow (>= 2.2.2, < 4.0)
      ruby-progressbar (~> 1.7)
      unicode-display_width (>= 1.4.0, < 1.7)
    ruby-progressbar (1.10.1)
    russian_central_bank (1.1.1)
      httparty (>= 0.10.0)
      money (~> 6)
    unicode-display_width (1.6.0)

PLATFORMS
  ruby

DEPENDENCIES
  rubocop
  russian_central_bank

BUNDLED WITH
   2.0.2
